GEM
  remote: http://rubygems.org/
  specs:
    ZenTest (4.9.3)
    actionmailer (2.3.11)
      actionpack (= 2.3.11)
    actionpack (2.3.11)
      activesupport (= 2.3.11)
      rack (~> 1.1.0)
    activemerchant (1.4.2)
      activesupport (>= 2.3.2)
      builder (>= 2.0.0)
    activerecord (2.3.11)
      activesupport (= 2.3.11)
    activeresource (2.3.11)
      activesupport (= 2.3.11)
    activesupport (2.3.11)
    acts_as_reportable (1.1.1)
      ruport (>= 1.6.0)
    addressable (2.3.5)
    builder (2.1.2)
    capistrano (2.5.10)
      highline
      net-scp (>= 1.0.0)
      net-sftp (>= 2.0.0)
      net-ssh (>= 2.0.14)
      net-ssh-gateway (>= 1.0.0)
    capybara (0.4.1.2)
      celerity (>= 0.7.9)
      culerity (>= 0.2.4)
      mime-types (>= 1.16)
      nokogiri (>= 1.3.3)
      rack (>= 1.0.0)
      rack-test (>= 0.5.4)
      selenium-webdriver (>= 0.0.27)
      xpath (~> 0.1.3)
    celerity (0.9.2)
    childprocess (0.3.9)
      ffi (~> 1.0, >= 1.0.11)
    chronic (0.9.1)
    color (1.4.2)
    columnize (0.3.6)
    constant_contact (1.4.0)
      activeresource
      builder (~> 2.1.2)
    cucumber (1.3.8)
      builder (>= 2.1.2)
      diff-lcs (>= 1.1.3)
      gherkin (~> 2.12.1)
      multi_json (>= 1.7.5, < 2.0)
      multi_test (>= 0.0.2)
    cucumber-rails (0.3.2)
      cucumber (>= 0.8.0)
    culerity (0.2.15)
    dbf (1.2.8)
      activesupport (>= 2.3.5)
      fastercsv (>= 1.4.0)
    dbi (0.4.5)
      deprecated (= 2.0.1)
    deprecated (2.0.1)
    diff-lcs (1.2.4)
    fakeweb (1.3.0)
    fastercsv (1.5.5)
    ffi (1.9.0)
    gherkin (2.12.1)
      multi_json (~> 1.3)
    haml (3.0.13)
    highline (1.6.19)
    i18n (0.4.0)
    json (1.8.0)
    launchy (2.3.0)
      addressable (~> 2.3)
    linecache (0.46)
      rbx-require-relative (> 0.0.4)
    mechanize (1.0.0)
      nokogiri (>= 1.2.1)
    mime-types (1.24)
    money (2.1.3)
    multi_json (1.7.9)
    multi_test (0.0.2)
    mysql (2.8.1)
    net-scp (1.1.2)
      net-ssh (>= 2.6.5)
    net-sftp (2.1.2)
      net-ssh (>= 2.6.5)
    net-ssh (2.6.8)
    net-ssh-gateway (1.2.0)
      net-ssh (>= 2.6.5)
    nokogiri (1.4.3.1)
    pdf-writer (1.1.8)
      color (>= 1.4.0)
      transaction-simple (~> 1.3)
    rack (1.1.6)
    rack-test (0.5.7)
      rack (>= 1.0)
    rails (2.3.11)
      actionmailer (= 2.3.11)
      actionpack (= 2.3.11)
      activerecord (= 2.3.11)
      activeresource (= 2.3.11)
      activesupport (= 2.3.11)
      rake (>= 0.8.3)
    rake (10.1.0)
    rbx-require-relative (0.0.9)
    rdoc (4.0.1)
      json (~> 1.4)
    rest-client (1.6.7)
      mime-types (>= 1.16)
    rspec (1.3.0)
    rspec-rails (1.3.2)
      rack (>= 1.0.0)
      rspec (>= 1.3.0)
    ruby-debug (0.10.3)
      columnize (>= 0.1)
      ruby-debug-base (~> 0.10.3.0)
    ruby-debug-base (0.10.3)
      linecache (>= 0.3)
    rubyzip (0.9.9)
    ruport (1.6.3)
      fastercsv
      pdf-writer (= 1.1.8)
    selenium-webdriver (2.35.1)
      childprocess (>= 0.2.5)
      multi_json (~> 1.0)
      rubyzip (< 1.0.0)
      websocket (~> 1.0.4)
    stripe (1.5.16)
      rest-client
    timecop (0.3.5)
    transaction-simple (1.4.0.2)
    websocket (1.0.7)
    xpath (0.1.4)
      nokogiri (~> 1.3)

PLATFORMS
  ruby

DEPENDENCIES
  ZenTest
  activemerchant (= 1.4.2)
  acts_as_reportable (= 1.1.1)
  builder
  capistrano (= 2.5.10)
  capybara (= 0.4.1.2)
  chronic (= 0.9.1)
  constant_contact (= 1.4.0)
  cucumber
  cucumber-rails
  dbf (= 1.2.8)
  dbi (= 0.4.5)
  fakeweb
  haml (= 3.0.13)
  i18n (= 0.4.0)
  launchy
  mechanize (= 1.0.0)
  money (= 2.1.3)
  mysql (= 2.8.1)
  nokogiri (= 1.4.3.1)
  rack-test (= 0.5.7)
  rails (= 2.3.11)
  rake (>= 10.0.0)
  rdoc
  rspec (= 1.3.0)
  rspec-rails (= 1.3.2)
  ruby-debug (= 0.10.3)
  ruport (= 1.6.3)
  stripe (= 1.5.16)
  timecop (= 0.3.5)
